GEM
  specs:
    gosu (0.7.45)
    okami (0.0.7)
      gosu
      texplay
    texplay (0.4.3)
      gosu (>= 0.7.25)

PLATFORMS
  ruby

DEPENDENCIES
  okami
